PATH
  remote: .
  specs:
    octokiq (0.1.3)
      redis (~> 4.2)

GEM
  remote: https://rubygems.org/
  specs:
    byebug (11.1.3)
    coderay (1.1.3)
    method_source (1.0.0)
    minitest (5.14.2)
    pry (0.13.1)
      coderay (~> 1.1)
      method_source (~> 1.0)
    pry-byebug (3.9.0)
      byebug (~> 11.0)
      pry (~> 0.13.0)
    rake (12.3.3)
    redis (4.2.5)

PLATFORMS
  x86_64-darwin-19

DEPENDENCIES
  minitest (~> 5.0)
  octokiq!
  pry-byebug
  rake (~> 12.0)

BUNDLED WITH
   2.2.3
